GEM
<<<<<<< HEAD
  remote: https://rubygems.org/
  specs:
    byebug (3.5.1)
      columnize (~> 0.8)
      debugger-linecache (~> 1.2)
      slop (~> 3.6)
    coderay (1.1.0)
    columnize (0.8.9)
    debugger-linecache (1.2.0)
    diff-lcs (1.2.5)
    method_source (0.8.2)
=======
  remote: http://www.rubygems.org/
  specs:
    backports (3.6.4)
    byebug (2.7.0)
      columnize (~> 0.3)
      debugger-linecache (~> 1.2)
    coderay (1.1.0)
    columnize (0.9.0)
    debugger-linecache (1.2.0)
    diff-lcs (1.2.5)
    method_source (0.8.2)
    multi_json (1.10.1)
    pg (0.17.1)
>>>>>>> songify-sfc3-starter
    pry (0.10.1)
      coderay (~> 1.1.0)
      method_source (~> 0.8.1)
      slop (~> 3.4)
<<<<<<< HEAD
    pry-byebug (2.0.0)
      byebug (~> 3.4)
      pry (~> 0.10)
    rspec (2.14.1)
      rspec-core (~> 2.14.0)
      rspec-expectations (~> 2.14.0)
      rspec-mocks (~> 2.14.0)
    rspec-core (2.14.7)
    rspec-expectations (2.14.5)
      diff-lcs (>= 1.1.3, < 2.0)
    rspec-mocks (2.14.5)
    slop (3.6.0)
=======
    pry-byebug (1.3.3)
      byebug (~> 2.7)
      pry (~> 0.10)
    rack (1.5.2)
    rack-protection (1.5.3)
      rack
    rack-test (0.6.2)
      rack (>= 1.0)
    rspec (3.1.0)
      rspec-core (~> 3.1.0)
      rspec-expectations (~> 3.1.0)
      rspec-mocks (~> 3.1.0)
    rspec-core (3.1.7)
      rspec-support (~> 3.1.0)
    rspec-expectations (3.1.2)
      diff-lcs (>= 1.2.0, < 2.0)
      rspec-support (~> 3.1.0)
    rspec-mocks (3.1.3)
      rspec-support (~> 3.1.0)
    rspec-support (3.1.2)
    sinatra (1.4.5)
      rack (~> 1.4)
      rack-protection (~> 1.4)
      tilt (~> 1.3, >= 1.3.4)
    sinatra-contrib (1.4.2)
      backports (>= 2.0)
      multi_json
      rack-protection
      rack-test
      sinatra (~> 1.4.0)
      tilt (~> 1.3)
    slop (3.6.0)
    tilt (1.4.1)
>>>>>>> songify-sfc3-starter

PLATFORMS
  ruby

DEPENDENCIES
<<<<<<< HEAD
  pry-byebug
  rspec (~> 2.14.1)
=======
  pg (~> 0.17.1)
  pry-byebug (~> 1.3.3)
  rspec (~> 3.1.0)
  sinatra (~> 1.4.5)
  sinatra-contrib (~> 1.4.2)
>>>>>>> songify-sfc3-starter
